GEM
  specs:
    httpi (2.0.0)
      rack
      rubyntlm
    json (1.7.5)
    rack (1.3.6)
    rack-protection (1.3.2)
      rack
    rubyntlm (0.1.1)
    shotgun (0.9)
      rack (>= 1.0)
    sinatra (1.3.3)
      rack (~> 1.3, >= 1.3.6)
      rack-protection (~> 1.2)
      tilt (~> 1.3, >= 1.3.3)
    tilt (1.3.3)

PLATFORMS
  ruby

DEPENDENCIES
  httpi
  json
  shotgun
  sinatra
